GEM
  remote: https://rubygems.org/
  specs:
    activesupport (5.2.8.1)
      concurrent-ruby (~> 1.0, >= 1.0.2)
      i18n (>= 0.7, < 2)
      minitest (~> 5.1)
      tzinfo (~> 1.1)
    addressable (2.8.7)
      public_suffix (>= 2.0.2, < 7.0)
    backports (3.25.1)
    coffee-script (2.3.0)
      coffee-script-source
      execjs
    coffee-script-source (1.7.1)
    concurrent-ruby (1.3.5)
    contracts (0.13.0)
    dotenv (3.1.8)
    em-websocket (0.5.0)
      eventmachine (>= 0.12.9)
      http_parser.rb (~> 0.5.3)
    erubis (2.7.0)
    eventmachine (1.0.7)
    execjs (2.8.1)
    fast_blank (1.0.1)
    fastimage (2.4.0)
    ffi (1.11.1)
    haml (5.1.2)
      temple (>= 0.8.0)
      tilt
    hamster (3.0.0)
      concurrent-ruby (~> 1.0)
    hashie (3.6.0)
    http_parser.rb (0.5.3)
    i18n (0.9.5)
      concurrent-ruby (~> 1.0)
    kramdown (1.4.1)
    listen (3.0.5)
      rb-fsevent (>= 0.9.3)
      rb-inotify (>= 0.9)
    memoist (0.16.2)
    middleman (4.3.7)
      coffee-script (~> 2.2)
      haml (>= 4.0.5)
      kramdown (~> 1.2)
      middleman-cli (= 4.3.7)
      middleman-core (= 4.3.7)
    middleman-cli (4.3.7)
      thor (>= 0.17.0, < 2.0)
    middleman-core (4.3.7)
      activesupport (>= 4.2, < 6.0)
      addressable (~> 2.3)
      backports (~> 3.6)
      bundler
      contracts (~> 0.13.0)
      dotenv
      erubis
      execjs (~> 2.0)
      fast_blank
      fastimage (~> 2.0)
      hamster (~> 3.0)
      hashie (~> 3.4)
      i18n (~> 0.9.0)
      listen (~> 3.0.0)
      memoist (~> 0.14)
      padrino-helpers (~> 0.13.0)
      parallel
      rack (>= 1.4.5, < 3)
      sassc (~> 2.0)
      servolux
      tilt (~> 2.0.9)
      uglifier (~> 3.0)
    middleman-deploy (0.2.4)
      middleman-core (>= 3.0.0)
      net-sftp
      ptools
    middleman-livereload (3.1.0)
      em-websocket (>= 0.2.0)
      middleman-core (>= 3.0.2)
      multi_json (~> 1.0)
      rack-livereload
    minitest (5.13.0)
    multi_json (1.14.1)
    net-sftp (2.1.2)
      net-ssh (>= 2.6.5)
    net-ssh (2.9.1)
    padrino-helpers (0.13.3.4)
      i18n (~> 0.6, >= 0.6.7)
      padrino-support (= 0.13.3.4)
      tilt (>= 1.4.1, < 3)
    padrino-support (0.13.3.4)
      activesupport (>= 3.1)
    parallel (1.27.0)
    ptools (1.2.4)
    public_suffix (6.0.2)
    rack (2.2.14)
    rack-livereload (0.3.15)
      rack
    rb-fsevent (0.9.4)
    rb-inotify (0.9.5)
      ffi (>= 0.5.0)
    sassc (2.4.0)
      ffi (~> 1.9)
    servolux (0.13.0)
    temple (0.8.2)
    thor (0.19.1)
    thread_safe (0.3.6)
    tilt (2.0.11)
    tzinfo (1.2.10)
      thread_safe (~> 0.1)
    uglifier (3.2.0)
      execjs (>= 0.3.0, < 3)

PLATFORMS
  ruby

DEPENDENCIES
  middleman
  middleman-deploy
  middleman-livereload
  wdm (~> 0.1.0)

BUNDLED WITH
   2.4.22
